PATH
  remote: .
  specs:
    nested_list (0.0.2)
      active_support
      rubytree

GEM
  remote: http://rubygems.org/
  specs:
    active_support (3.0.0)
      activesupport (= 3.0.0)
    activesupport (3.0.0)
    diff-lcs (1.1.3)
    rake (0.9.2)
    rspec (2.8.0)
      rspec-core (~> 2.8.0)
      rspec-expectations (~> 2.8.0)
      rspec-mocks (~> 2.8.0)
    rspec-core (2.8.0)
    rspec-expectations (2.8.0)
      diff-lcs (~> 1.1.2)
    rspec-mocks (2.8.0)
    rubytree (0.8.2)

PLATFORMS
  ruby

DEPENDENCIES
  nested_list!
  rake (>= 0.9.2)
  rspec
